GEM
  remote: http://rubygems.org/
  specs:
    beefcake (0.5.0)
    constructor (2.0.0)
    diff-lcs (1.2.5)
    diy (1.1.2)
      constructor (>= 1.0.0)
    rake (10.3.2)
    require_all (1.3.2)
    rspec (3.0.0)
      rspec-core (~> 3.0.0)
      rspec-expectations (~> 3.0.0)
      rspec-mocks (~> 3.0.0)
    rspec-core (3.0.2)
      rspec-support (~> 3.0.0)
    rspec-expectations (3.0.2)
      diff-lcs (>= 1.2.0, < 2.0)
      rspec-support (~> 3.0.0)
    rspec-mocks (3.0.2)
      rspec-support (~> 3.0.0)
    rspec-support (3.0.2)

PLATFORMS
  ruby

DEPENDENCIES
  beefcake
  bundler (>= 1.3.5)
  constructor
  diy
  rake (>= 0.9.2.2)
  require_all
  rspec
